PATH
  remote: .
  specs:
    rdf-microdata (0.2.4)
      htmlentities (>= 4.3.0)
      json (>= 1.6.1)
      rdf (>= 0.3.4)
      rdf-xsd (>= 0.3.4)

GEM
  remote: http://rubygems.org/
  specs:
    addressable (2.2.7)
    backports (2.6.2)
    diff-lcs (1.1.3)
    equivalent-xml (0.2.9)
      nokogiri (>= 1.4.3)
    htmlentities (4.3.1)
    json (1.7.3)
    json (1.7.3-java)
    nokogiri (1.5.2)
    nokogiri (1.5.2-java)
    promise (0.3.0)
    rdf (0.3.5.1)
      addressable (>= 2.2.6)
    rdf-isomorphic (0.3.4)
      rdf (>= 0.2.3)
    rdf-spec (0.3.5.1)
      rspec (>= 2.8.0)
    rdf-turtle (0.1.1)
      rdf (>= 0.3.4)
    rdf-xsd (0.3.7)
      backports
      nokogiri (>= 1.5.0)
      rdf (>= 0.3.4)
    rspec (2.8.0)
      rspec-core (~> 2.8.0)
      rspec-expectations (~> 2.8.0)
      rspec-mocks (~> 2.8.0)
    rspec-core (2.8.0)
    rspec-expectations (2.8.0)
      diff-lcs (~> 1.1.2)
    rspec-mocks (2.8.0)
    spira (0.0.12)
      promise (>= 0.3.0)
      rdf (>= 0.2.3)
      rdf-isomorphic (>= 0.3.0)
    wirble (0.1.3)
    yard (0.7.5)

PLATFORMS
  java
  ruby

DEPENDENCIES
  equivalent-xml (>= 0.2.8)
  nokogiri (>= 1.5.0)
  rdf-isomorphic (>= 0.3.4)
  rdf-microdata!
  rdf-spec (>= 0.3.4)
  rdf-turtle (>= 0.1.0)
  rspec (>= 2.8.0)
  spira (>= 0.0.12)
  wirble
  yard (>= 0.6.0)
