PATH
  remote: .
  specs:
    rdf-microdata (0.2.5)
      htmlentities (>= 4.3.0)
      json (>= 1.6.1)
      rdf (>= 0.3.4)
      rdf-xsd (>= 0.3.4)

GEM
  remote: http://rubygems.org/
  specs:
    addressable (2.3.2)
    columnize (0.3.6)
    debugger (1.2.2)
      columnize (>= 0.3.1)
      debugger-linecache (~> 1.1.1)
      debugger-ruby_core_source (~> 1.1.5)
    debugger-linecache (1.1.2)
      debugger-ruby_core_source (>= 1.1.1)
    debugger-ruby_core_source (1.1.5)
    diff-lcs (1.1.3)
    equivalent-xml (0.3.0)
      nokogiri (>= 1.4.3)
    haml (3.1.7)
    htmlentities (4.3.1)
    json (1.7.5)
    json (1.7.5-java)
    nokogiri (1.5.5)
    nokogiri (1.5.5-java)
    open-uri-cached (0.0.5)
    promise (0.3.0)
    rdf (0.3.11)
      addressable (>= 2.2.6)
    rdf-isomorphic (0.3.4)
      rdf (>= 0.2.3)
    rdf-rdfa (0.3.16)
      haml (>= 3.1.7)
      htmlentities (>= 4.3.1)
      rdf (>= 0.3.11)
      rdf-xsd (>= 0.3.8)
    rdf-spec (0.3.11)
      rspec (>= 2.12.0)
    rdf-turtle (0.3.2)
      rdf (>= 0.3.11)
    rdf-xsd (0.3.8)
      rdf (>= 0.3.4)
    rspec (2.12.0)
      rspec-core (~> 2.12.0)
      rspec-expectations (~> 2.12.0)
      rspec-mocks (~> 2.12.0)
    rspec-core (2.12.1)
    rspec-expectations (2.12.0)
      diff-lcs (~> 1.1.3)
    rspec-mocks (2.12.0)
    spira (0.0.12)
      promise (>= 0.3.0)
      rdf (>= 0.2.3)
      rdf-isomorphic (>= 0.3.0)
    wirble (0.1.3)
    yard (0.8.3)

PLATFORMS
  java
  ruby

DEPENDENCIES
  debugger
  equivalent-xml (>= 0.2.8)
  nokogiri (>= 1.5.0)
  open-uri-cached (>= 0.0.5)
  rdf-isomorphic (>= 0.3.4)
  rdf-microdata!
  rdf-rdfa (>= 0.3.15)
  rdf-spec (>= 0.3.4)
  rdf-turtle (>= 0.1.0)
  rspec (>= 2.8.0)
  spira (>= 0.0.12)
  wirble
  yard (>= 0.6.0)
