PATH
  remote: .
  specs:
    rdf-microdata (0.2.3)
      htmlentities (>= 4.3.0)
      json (>= 1.6.1)
      rdf (>= 0.3.4)
      rdf-xsd (>= 0.3.4)

GEM
  remote: http://rubygems.org/
  specs:
    addressable (2.2.6)
    diff-lcs (1.1.3)
    htmlentities (4.3.0)
    json (1.6.1)
    json (1.6.1-java)
    nokogiri (1.5.0)
    nokogiri (1.5.0-java)
    rdf (0.3.4.1)
      addressable (>= 2.2.6)
    rdf-isomorphic (0.3.4)
      rdf (>= 0.3.4)
    rdf-spec (0.3.4)
      rspec (>= 2.6.0)
    rdf-turtle (0.1.0)
      rdf (>= 0.3.4)
    rdf-xsd (0.3.5)
      nokogiri (>= 1.5.0)
      rdf (>= 0.3.4)
    rspec (2.7.0)
      rspec-core (~> 2.7.0)
      rspec-expectations (~> 2.7.0)
      rspec-mocks (~> 2.7.0)
    rspec-core (2.7.1)
    rspec-expectations (2.7.0)
      diff-lcs (~> 1.1.2)
    rspec-mocks (2.7.0)
    wirble (0.1.3)
    yard (0.7.3)

PLATFORMS
  java
  ruby

DEPENDENCIES
  rdf-isomorphic (>= 0.3.4)
  rdf-microdata!
  rdf-spec (>= 0.3.4)
  rdf-turtle (>= 0.1.0)
  rspec (>= 2.5.0)
  wirble
  yard (>= 0.6.0)
